GEM
  remote: https://rubygems.org/
  specs:
    factory-helper (1.7.6)
      i18n (~> 0.7)
    i18n (0.7.0)
    smarter_csv (1.1.0)

PLATFORMS
  ruby

DEPENDENCIES
  factory-helper
  smarter_csv

BUNDLED WITH
   1.10.6
